PATH
  remote: .
  specs:
    throttled (0.1.0)
      activesupport (>= 4.0.0)

GEM
  remote: https://rubygems.org/
  specs:
    activesupport (7.0.4.1)
      concurrent-ruby (~> 1.0, >= 1.0.2)
      i18n (>= 1.6, < 2)
      minitest (>= 5.1)
      tzinfo (~> 2.0)
    coderay (1.1.2)
    concurrent-ruby (1.1.10)
    diff-lcs (1.3)
    factory_bot (4.10.0)
      activesupport (>= 3.0.0)
    i18n (1.12.0)
      concurrent-ruby (~> 1.0)
    method_source (0.9.0)
    minitest (5.17.0)
    pry (0.11.3)
      coderay (~> 1.1.0)
      method_source (~> 0.9.0)
    rake (10.5.0)
    rspec (3.7.0)
      rspec-core (~> 3.7.0)
      rspec-expectations (~> 3.7.0)
      rspec-mocks (~> 3.7.0)
    rspec-core (3.7.1)
      rspec-support (~> 3.7.0)
    rspec-expectations (3.7.0)
      diff-lcs (>= 1.2.0, < 2.0)
      rspec-support (~> 3.7.0)
    rspec-mocks (3.7.0)
      diff-lcs (>= 1.2.0, < 2.0)
      rspec-support (~> 3.7.0)
    rspec-support (3.7.1)
    timecop (0.9.1)
    tzinfo (2.0.5)
      concurrent-ruby (~> 1.0)

PLATFORMS
  ruby

DEPENDENCIES
  bundler (~> 1.16)
  factory_bot (~> 4.10)
  pry
  rake (~> 10.0)
  rspec (~> 3.0)
  throttled!
  timecop (~> 0.9)

BUNDLED WITH
   1.16.2
